GEM
  remote: https://rubygems.org/
  specs:
    backports (3.6.7)
    bson (1.9.2)
    genghisapp (2.3.11)
      json (>= 1.7.0, < 1.9.0)
      mongo (>= 1.8.0, <= 1.9.2)
      sinatra (>= 1.3.3, < 1.5.0)
      sinatra-contrib (>= 1.3.1, < 1.5.0)
      sinatra-mustache (>= 0.0.4, < 0.4.0)
      vegas (~> 0.1.8)
    json (1.8.3)
    mongo (1.9.2)
      bson (~> 1.9.2)
    multi_json (1.11.2)
    mustache (0.99.8)
    rack (1.6.4)
    rack-protection (1.5.3)
      rack
    rack-test (0.6.3)
      rack (>= 1.0)
    sinatra (1.4.6)
      rack (~> 1.4)
      rack-protection (~> 1.4)
      tilt (>= 1.3, < 3)
    sinatra-contrib (1.4.6)
      backports (>= 2.0)
      multi_json
      rack-protection
      rack-test
      sinatra (~> 1.4.0)
      tilt (>= 1.3, < 3)
    sinatra-mustache (0.3.2)
      mustache (~> 0.99, >= 0.99.6)
      sinatra (~> 1.4, ~> 1.3)
      tilt (>= 1.3, <= 2.0)
    tilt (2.0.0)
    vegas (0.1.11)
      rack (>= 1.0.0)

PLATFORMS
  ruby

DEPENDENCIES
  genghisapp

BUNDLED WITH
   1.10.6
